GEM
  remote: http://rubygems.org/
  specs:
    elasticsearch (7.8.1)
      elasticsearch-api (= 7.8.1)
      elasticsearch-transport (= 7.8.1)
    elasticsearch-api (7.8.1)
      multi_json
    elasticsearch-transport (7.8.1)
      faraday (~> 1)
      multi_json
    faraday (1.0.1)
      multipart-post (>= 1.2, < 3)
    multi_json (1.15.0)
    multipart-post (2.1.1)
    tk (0.2.0)

PLATFORMS
  ruby

DEPENDENCIES
  elasticsearch (~> 7.8, >= 7.8.1)
  tk (~> 0.2.0)

BUNDLED WITH
   2.1.4
